GEM
  remote: https://rubygems.org/
  specs:
    cuba (3.1.0)
      rack
    daemons (1.1.9)
    eventmachine (1.0.0)
    haml (3.1.7)
    rack (1.4.1)
    redcarpet (2.2.2)
    thin (1.5.0)
      daemons (>= 1.0.9)
      eventmachine (>= 0.12.6)
      rack (>= 1.0.0)
    tilt (1.3.3)

PLATFORMS
  ruby

DEPENDENCIES
  cuba
  haml
  redcarpet
  thin
  tilt
