GEM
  remote: https://rubygems.org/
  specs:
    cuba (3.1.0)
      rack
    rack (1.4.1)

PLATFORMS
  ruby

DEPENDENCIES
  cuba
