GEM
  remote: https://rubygems.org/
  specs:
    cuba (3.1.0)
      rack
    haml (3.1.7)
    rack (1.4.1)
    redcarpet (2.2.2)
    tilt (1.3.3)

PLATFORMS
  ruby

DEPENDENCIES
  cuba
  haml
  redcarpet
  tilt
