GEM
  remote: https://rubygems.org/
  specs:
    cuba (3.1.0)
      rack
    haml (3.1.7)
    kgio (2.7.4)
    rack (1.4.1)
    raindrops (0.10.0)
    redcarpet (2.2.2)
    tilt (1.3.3)
    unicorn (4.5.0)
      kgio (~> 2.6)
      rack
      raindrops (~> 0.7)

PLATFORMS
  ruby

DEPENDENCIES
  cuba
  haml
  redcarpet
  tilt
  unicorn
